NUGET
  remote: https://www.nuget.org/api/v2
    FSharp.Compiler.Tools (4.1.23)
    FSharp.Core (4.0.0.1)
    NUnit (3.8.1) - restriction: || (== net35) (== net45)
    TaskParallelLibrary (1.0.2856)
GITHUB
  remote: fsprojects/FsUnit
    src/FsUnit.NUnit/FsUnit.fs (ccd7f01fe792b149731261c816b851bf4e8e5e43)
    src/FsUnit.NUnit/FsUnitTyped.fs (ccd7f01fe792b149731261c816b851bf4e8e5e43)
GROUP Benchmark
RESTRICTION: == net45
NUGET
  remote: https://www.nuget.org/api/v2
    BenchmarkDotNet (0.10.9) - content: none
    BenchmarkDotNet.Diagnostics.Windows (0.10.9) - content: none

GROUP Build
NUGET
  remote: https://www.nuget.org/api/v2
    FAKE (4.63.2)
    FSharp.Compiler.Service (2.0.0.6)
    FSharp.Formatting (2.14.4)
      FSharp.Compiler.Service (2.0.0.6)
      FSharpVSPowerTools.Core (>= 2.3 < 2.4)
    FSharpVSPowerTools.Core (2.3)
      FSharp.Compiler.Service (>= 2.0.0.3)
    NuGet.CommandLine (4.3)
    NUnit.ConsoleRunner (3.7)

GROUP Data
NUGET
  remote: https://www.nuget.org/api/v2
    MathNet.Numerics (3.0)
