NUGET
  remote: http://nuget.org/api/v2
  specs:
    BenchShark (1.0.0)
    ConsoleDump (0.6.0.1)
    FAKE (3.5.2)
    FSharp.Compiler.Service (0.0.59)
    FSharp.Formatting (2.4.24)
      Microsoft.AspNet.Razor (2.0.30506.0)
      RazorEngine (3.3.0)
      FSharp.Compiler.Service (0.0.59)
    FsUnit (1.3.0.1)
      NUnit (>= 2.6.3)
    MathNet.Numerics (3.0.0)
    Microsoft.AspNet.Razor (2.0.30506.0)
    NUnit (2.6.3)
    NUnit.Runners (2.6.3)
    RazorEngine (3.3.0)
      Microsoft.AspNet.Razor (>= 2.0.30506.0)
    TaskParallelLibrary (1.0.2856.0)
