NUGET
  remote: http://www.nuget.org/api/v2
  specs:
    FSharp.Core (3.1.2.5)
    TaskParallelLibrary (1.0.2856)

GROUP Benchmark
NUGET
  remote: http://www.nuget.org/api/v2
  specs:
    BenchShark (1.0.0)
    ConsoleDump (0.6.0.1)

GROUP Build
NUGET
  remote: http://www.nuget.org/api/v2
  specs:
    FAKE (4.20.0)
    FSharp.Compiler.Service (2.0.0.3)
    FSharp.Formatting (2.14.0)
      FSharp.Compiler.Service (>= 2.0.0.3 < 2.1.0)
      FSharpVSPowerTools.Core (>= 2.3.0 < 2.4.0)
    FSharpVSPowerTools.Core (2.3.0)
      FSharp.Compiler.Service (>= 2.0.0.3)
    NuGet.CommandLine (3.3.0)
    NUnit.Runners (2.6.4)

GROUP Data
NUGET
  remote: http://www.nuget.org/api/v2
  specs:
    MathNet.Numerics (3.0.0)

GROUP Test
NUGET
  remote: http://www.nuget.org/api/v2
  specs:
    FSharp.Core (4.0.0.1)
    FsUnit (1.3.1)
      NUnit (2.6.4)
    NUnit (2.6.4)
