NUGET
  remote: http://nuget.org/api/v2
  specs:
    BenchShark (1.0.0)
    ConsoleDump (0.6.0.1)
    FAKE (3.12.2)
    FSharp.Compiler.Service (0.0.67)
    FSharp.Core (3.1.2.1)
    FSharp.Formatting (2.4.37)
      FSharp.Compiler.Service (0.0.67)
      Microsoft.AspNet.Razor (2.0.30506)
      RazorEngine (3.3.0)
    FsUnit (1.3.0.1)
      NUnit (>= 2.6.3)
    MathNet.Numerics (3.0.0)
    Microsoft.AspNet.Razor (2.0.30506)
    NuGet.CommandLine (2.8.3)
    NUnit (2.6.4)
    NUnit.Runners (2.6.4)
    RazorEngine (3.3.0)
      Microsoft.AspNet.Razor (>= 2.0.30506.0)
    TaskParallelLibrary (1.0.2856.0)
